GEM
  remote: http://rubygems.org/
  specs:
    POpen4 (0.1.4)
      Platform (>= 0.4.0)
      open4
    Platform (0.4.0)
    addressable (2.3.2)
    bourbon (2.1.1)
      sass (>= 3.1)
    coffee-script (2.2.0)
      coffee-script-source
      execjs
    coffee-script-source (1.3.3)
    em-websocket (0.3.8)
      addressable (>= 2.1.1)
      eventmachine (>= 0.12.9)
    eventmachine (1.0.0)
    execjs (1.4.0)
      multi_json (~> 1.0)
    guard (1.4.0)
      listen (>= 0.4.2)
      thor (>= 0.14.6)
    guard-coffeescript (1.2.0)
      coffee-script (>= 2.2.0)
      guard (>= 1.1.0)
    guard-haml (0.4)
      guard (>= 1.1)
      haml (>= 3.0)
    guard-jammit (1.0.1)
      guard (>= 1.1.0)
      jammit
    guard-livereload (1.0.1)
      em-websocket (>= 0.2.0)
      guard (>= 1.1.0)
      multi_json (~> 1.0)
    guard-sass (1.0.0)
      guard (>= 1.1.0)
      sass (>= 3.1)
    haml (3.1.7)
    jammit (0.6.5)
      yui-compressor (>= 0.9.3)
    listen (0.5.2)
    multi_json (1.3.6)
    open4 (1.3.0)
    rack (1.4.1)
    rb-fsevent (0.9.2)
    ruby_gntp (0.3.4)
    sass (3.2.1)
    thor (0.16.0)
    yajl-ruby (1.1.0)
    yui-compressor (0.9.6)
      POpen4 (>= 0.1.4)

PLATFORMS
  ruby

DEPENDENCIES
  bourbon
  guard
  guard-coffeescript
  guard-haml
  guard-jammit
  guard-livereload
  guard-sass
  rack
  rb-fsevent
  ruby_gntp
  yajl-ruby
